GEM
  remote: https://rubygems.org/
  specs:
    adsf (1.1.1)
      rack (>= 1.0.0)
    cri (2.2.1)
    fssm (0.2.9)
    kramdown (0.13.6)
    mime-types (1.18)
    nanoc (3.3.7)
      cri (~> 2.2)
    rack (1.4.1)
    sass (3.1.19)

PLATFORMS
  ruby
  x86-mingw32

DEPENDENCIES
  adsf
  fssm
  kramdown
  mime-types
  nanoc
  sass
